GEM
  remote: https://rubygems.org/
  specs:
    glfw3 (0.4.8)
    opengl (0.9.0)

PLATFORMS
  ruby

DEPENDENCIES
  glfw3 (~> 0.4.8)
  opengl (~> 0.9.0)
